GEM
  remote: https://rubygems.org/
  specs:
    byebug (11.1.3)
    mono_logger (1.1.1)

PLATFORMS
  x86_64-darwin-20

DEPENDENCIES
  byebug
  mono_logger

BUNDLED WITH
   2.2.22
